GEM
  remote: https://rubygems.org/
  specs:
    addressable (2.3.8)
    awesome_print (1.7.0)
    buildkit (0.4.0)
      sawyer (~> 0.6.0)
    envyable (1.2.0)
      thor (>= 0.18.1, < 2.0)
    faraday (0.9.2)
      multipart-post (>= 1.2, < 3)
    multipart-post (2.0.0)
    octokit (4.2.0)
      sawyer (~> 0.6.0, >= 0.5.3)
    puma (3.6.0)
    rack (1.6.5)
    rack-parser (0.7.0)
      rack
    rack-protection (1.5.3)
      rack
    sawyer (0.6.0)
      addressable (~> 2.3.5)
      faraday (~> 0.8, < 0.10)
    sinatra (1.4.7)
      rack (~> 1.5)
      rack-protection (~> 1.4)
      tilt (>= 1.3, < 3)
    slack-notifier (1.5.1)
    thor (0.19.1)
    tilt (2.0.5)

PLATFORMS
  ruby

DEPENDENCIES
  awesome_print
  buildkit
  envyable
  octokit
  puma
  rack-parser
  sawyer (~> 0.6.0)
  sinatra
  slack-notifier

RUBY VERSION
   ruby 2.3.1p112

BUNDLED WITH
   1.13.6
